{
  "AcquisitionMatrixPE": 90,
  "AcquisitionNumber": 1,
  "BandwidthPerPixelPhaseEncode": 21.786,
  "BaseResolution": 90,
  "BodyPartExamined": "BRAIN",
  "CogAtlasID": "TODO",
  "ConsistencyInfo": "N4_VE11C_LATEST_20160120",
  "ConversionSoftware": "dcm2niix",
  "ConversionSoftwareVersion": "v1.0.20200331",
  "DerivedVendorReportedEchoSpacing": 0.000510012,
  "DeviceSerialNumber": "66044",
  "EchoTime": 0.03,
  "EchoTrainLength": 90,
  "EffectiveEchoSpacing": 0.000510012,
  "FlipAngle": 52,
  "ImageType": [
    "ORIGINAL",
    "PRIMARY",
    "M",
    "ND",
    "MOSAIC"
],
  "InPlanePhaseEncodingDirectionDICOM": "COL",
  "InstitutionAddress": "Curie_Blvd._422_Philadelphia_PA_US_19104",
  "MRAcquisitionType": "2D",
  "MagneticFieldStrength": 3,
  "Manufacturer": "Siemens",
  "ManufacturersModelName": "Prisma",
  "Modality": "MR",
  "MultibandAccelerationFactor": 6,
  "PartialFourier": 1,
  "PatientPosition": "HFS",
  "PercentPhaseFOV": 100,
  "PercentSampling": 100,
  "PhaseEncodingDirection": "j",
  "PhaseEncodingSteps": 90,
  "PhaseResolution": 1,
  "PixelBandwidth": 2780,
  "ProtocolName": "BOLD_LOC_localizer",
  "PulseSequenceDetails": "%CustomerSeq%_ep2d_bold_sms_abcd",
  "ReceiveCoilActiveElements": "HEA;HEP",
  "ReceiveCoilName": "Head_32",
  "ReconMatrixPE": 90,
  "RefLinesPE": 22,
  "RepetitionTime": 0.8,
  "ScanOptions": "FS_CT",
  "ScanningSequence": "EP",
  "SequenceName": "epfid2d1_90",
  "SequenceVariant": "SK",
  "SeriesDescription": "BOLD_LOC_localizer",
  "SliceThickness": 2.4,
  "SoftwareVersions": "syngo_MR_E11",
  "SpacingBetweenSlices": 2.4,
  "StationName": "AWP66044",
  "TaskName": "Graph Localizer",
  "TotalReadoutTime": 0.045391,
  "dcmmeta_reorient_transform": [
    [0.0, -1.0, 0.0, 89.0],
    [1.0, 0.0, 0.0, 0.0],
    [0.0, 0.0, 1.0, 0.0],
    [0.0, 0.0, 0.0, 1.0]
],
  "dcmmeta_shape": [90, 90, 60, 458],
  "dcmmeta_slice_dim": 2,
  "dcmmeta_version": 0.6}
